GEM
  remote: http://rubygems.org/
  specs:
    coderay (0.9.5)
    daemons (1.1.0)
    diff-lcs (1.1.2)
    eventmachine (0.12.10)
    grit (2.3.0)
      diff-lcs (~> 1.1)
      mime-types (~> 1.15)
    haml (3.0.22)
    json (1.4.6)
    mime-types (1.16)
    mocha (0.9.9)
      rake
    rack (1.2.1)
    rake (0.8.7)
    rcov (0.9.9)
    sass (3.1.0.alpha.22)
    sinatra (1.1.0)
      rack (~> 1.1)
      tilt (~> 1.1)
    thin (1.2.7)
      daemons (>= 1.0.9)
      eventmachine (>= 0.12.6)
      rack (>= 1.0.0)
    tilt (1.1)

PLATFORMS
  ruby

DEPENDENCIES
  coderay (~> 0.9.5)
  grit (~> 2.3)
  haml (~> 3.0)
  json (~> 1.4)
  mocha
  rcov
  sass (~> 3.1)
  sinatra (~> 1.1)
  thin (~> 1.2)
